PATH
  remote: .
  specs:
    caesar_cipher (0.1.0)

GEM
  remote: https://rubygems.org/
  specs:
    rake (13.2.1)

PLATFORMS
  arm64-darwin-22
  ruby

DEPENDENCIES
  caesar_cipher!
  rake (~> 13.0)

BUNDLED WITH
   2.5.23
